PATH
  remote: .
  specs:
    teacup (1.3.0)
      motion-require

GEM
  remote: https://rubygems.org/
  specs:
    motion-require (0.0.4)
    rake (10.0.3)

PLATFORMS
  ruby

DEPENDENCIES
  rake
  teacup!
