PATH
  remote: .
  specs:
    teacup (2.0.2)

GEM
  remote: https://rubygems.org/
  specs:
    motion-layout (0.0.1)
    rake (0.9.2)

PLATFORMS
  ruby

DEPENDENCIES
  motion-layout
  rake
  teacup!
