PATH
  remote: .
  specs:
    teacup (1.3.3)

GEM
  remote: https://rubygems.org/
  specs:
    rake (10.0.3)

PLATFORMS
  ruby

DEPENDENCIES
  rake
  teacup!
