PATH
  remote: .
  specs:
    teacup (3.0.1)

GEM
  remote: https://rubygems.org/
  specs:
    motion-layout (0.0.1)
    rake (13.0.1)

PLATFORMS
  ruby

DEPENDENCIES
  motion-layout
  rake
  teacup!
