PATH
  remote: ../..
  specs:
    teacup (1.3.3)

GEM
  remote: https://rubygems.org/
  specs:

PLATFORMS
  ruby

DEPENDENCIES
  teacup!
